PATH
  remote: .
  specs:
    aliyun-oss-sync (0.0.1)
      aliyun-oss
      colored
      gli (= 2.9.0)
      listen
      mime-types

GEM
  remote: http://ruby.taobao.org/
  specs:
    aliyun-oss (0.7.0.1349333720)
      builder
      mime-types
      xml-simple
    aruba (0.5.4)
      childprocess (>= 0.3.6)
      cucumber (>= 1.1.1)
      rspec-expectations (>= 2.7.0)
    builder (3.2.2)
    celluloid (0.15.2)
      timers (~> 1.1.0)
    celluloid-io (0.15.0)
      celluloid (>= 0.15.0)
      nio4r (>= 0.5.0)
    childprocess (0.5.1)
      ffi (~> 1.0, >= 1.0.11)
    colored (1.2)
    cucumber (1.3.13)
      builder (>= 2.1.2)
      diff-lcs (>= 1.1.3)
      gherkin (~> 2.12)
      multi_json (>= 1.7.5, < 2.0)
      multi_test (>= 0.1.1)
    diff-lcs (1.2.5)
    ffi (1.9.3)
    gherkin (2.12.2)
      multi_json (~> 1.3)
    gli (2.9.0)
    json (1.8.1)
    listen (2.7.1)
      celluloid (>= 0.15.2)
      celluloid-io (>= 0.15.0)
      rb-fsevent (>= 0.9.3)
      rb-inotify (>= 0.9)
    mime-types (2.2)
    multi_json (1.9.2)
    multi_test (0.1.1)
    nio4r (1.0.0)
    rake (10.2.1)
    rb-fsevent (0.9.4)
    rb-inotify (0.9.3)
      ffi (>= 0.5.0)
    rdoc (4.1.1)
      json (~> 1.4)
    rspec-expectations (2.14.5)
      diff-lcs (>= 1.1.3, < 2.0)
    timers (1.1.0)
    xml-simple (1.1.3)

PLATFORMS
  ruby

DEPENDENCIES
  aliyun-oss-sync!
  aruba
  rake
  rdoc
